GEM
  remote: https://rubygems.org/
  specs:
    alexa_rubykit (1.1.0)
      bundler (~> 1.7)
      rake (~> 10.0)
    backports (3.6.8)
    multi_json (1.11.2)
    rack (1.6.4)
    rack-protection (1.5.3)
      rack
    rack-test (0.6.3)
      rack (>= 1.0)
    rake (10.5.0)
    sinatra (1.4.7)
      rack (~> 1.5)
      rack-protection (~> 1.4)
      tilt (>= 1.3, < 3)
    sinatra-contrib (1.4.7)
      backports (>= 2.0)
      multi_json
      rack-protection
      rack-test
      sinatra (~> 1.4.0)
      tilt (>= 1.3, < 3)
    sinatra-reloader (1.0)
      sinatra-contrib
    tilt (2.0.2)

PLATFORMS
  ruby

DEPENDENCIES
  alexa_rubykit
  sinatra
  sinatra-contrib
  sinatra-reloader

BUNDLED WITH
   1.11.2
